PATH
  remote: .
  specs:
    umlaut-primo (0.0.1)
      exlibris-primo (~> 1.0.7)
      rake (~> 10.0.3)
      require_all (~> 1.2.1)

PATH
  remote: /Users/dalton/Documents/workspace/umlaut/umlaut3
  specs:
    umlaut (3.0.4)
      confstruct (~> 0.2)
      ensure_valid_encoding
      htmlentities
      isbn
      jquery-rails
      marc (>= 0.5.0, < 1.1)
      multi_json
      nokogiri (~> 1.5.3)
      openurl (>= 0.4.0)
      rails (~> 3.2.5)

GEM
  remote: https://rubygems.org/
  specs:
    actionmailer (3.2.12)
      actionpack (= 3.2.12)
      mail (~> 2.4.4)
    actionpack (3.2.12)
      activemodel (= 3.2.12)
      activesupport (= 3.2.12)
      builder (~> 3.0.0)
      erubis (~> 2.7.0)
      journey (~> 1.0.4)
      rack (~> 1.4.5)
      rack-cache (~> 1.2)
      rack-test (~> 0.6.1)
      sprockets (~> 2.2.1)
    activemodel (3.2.12)
      activesupport (= 3.2.12)
      builder (~> 3.0.0)
    activerecord (3.2.12)
      activemodel (= 3.2.12)
      activesupport (= 3.2.12)
      arel (~> 3.0.2)
      tzinfo (~> 0.3.29)
    activeresource (3.2.12)
      activemodel (= 3.2.12)
      activesupport (= 3.2.12)
    activesupport (3.2.12)
      i18n (~> 0.6)
      multi_json (~> 1.0)
    addressable (2.3.3)
    akami (1.2.0)
      gyoku (>= 0.4.0)
      nokogiri (>= 1.4.0)
    arel (3.0.2)
    builder (3.0.4)
    colorize (0.5.8)
    confstruct (0.2.5)
    coveralls (0.6.2)
      colorize
      multi_json (~> 1.3)
      rest-client
      simplecov (>= 0.7)
      thor
    crack (0.3.2)
    ensure_valid_encoding (0.5.3)
    erubis (2.7.0)
    exlibris-primo (1.0.7)
      activesupport (~> 3.2.0)
      iso-639 (~> 0.1.0)
      json (~> 1.7.5)
      nokogiri (~> 1.5.3)
      rake (~> 10.0.3)
      require_all (~> 1.2.1)
      savon (~> 1.2.0)
    gyoku (0.4.6)
      builder (>= 2.1.2)
    hike (1.2.1)
    htmlentities (4.3.1)
    httpi (1.1.1)
      rack
    i18n (0.6.4)
    isbn (2.0.9)
    iso-639 (0.1.0)
    journey (1.0.4)
    jquery-rails (2.2.1)
      railties (>= 3.0, < 5.0)
      thor (>= 0.14, < 2.0)
    json (1.7.7)
    mail (2.4.4)
      i18n (>= 0.4.0)
      mime-types (~> 1.16)
      treetop (~> 1.4.8)
    marc (0.5.0)
    mime-types (1.21)
    multi_json (1.6.1)
    mysql2 (0.3.11)
    nokogiri (1.5.6)
    nori (1.1.5)
    openurl (0.4.2)
      ensure_valid_encoding
      marc
    polyglot (0.3.3)
    rack (1.4.5)
    rack-cache (1.2)
      rack (>= 0.4)
    rack-ssl (1.3.3)
      rack
    rack-test (0.6.2)
      rack (>= 1.0)
    rails (3.2.12)
      actionmailer (= 3.2.12)
      actionpack (= 3.2.12)
      activerecord (= 3.2.12)
      activeresource (= 3.2.12)
      activesupport (= 3.2.12)
      bundler (~> 1.0)
      railties (= 3.2.12)
    railties (3.2.12)
      actionpack (= 3.2.12)
      activesupport (= 3.2.12)
      rack-ssl (~> 1.3.2)
      rake (>= 0.8.7)
      rdoc (~> 3.4)
      thor (>= 0.14.6, < 2.0)
    rake (10.0.3)
    rdoc (3.12.2)
      json (~> 1.4)
    require_all (1.2.1)
    rest-client (1.6.7)
      mime-types (>= 1.16)
    savon (1.2.0)
      akami (~> 1.2.0)
      builder (>= 2.1.2)
      gyoku (~> 0.4.5)
      httpi (~> 1.1.0)
      nokogiri (>= 1.4.0)
      nori (~> 1.1.0)
      wasabi (~> 2.5.0)
    simplecov (0.7.1)
      multi_json (~> 1.0)
      simplecov-html (~> 0.7.1)
    simplecov-html (0.7.1)
    sprockets (2.2.2)
      hike (~> 1.2)
      multi_json (~> 1.0)
      rack (~> 1.0)
      tilt (~> 1.1, != 1.3.0)
    thor (0.17.0)
    tilt (1.3.4)
    treetop (1.4.12)
      polyglot
      polyglot (>= 0.3.1)
    tzinfo (0.3.36)
    vcr (2.4.0)
    wasabi (2.5.1)
      httpi (~> 1.0)
      nokogiri (>= 1.4.0)
    webmock (1.9.3)
      addressable (>= 2.2.7)
      crack (>= 0.3.2)

PLATFORMS
  ruby

DEPENDENCIES
  coveralls (~> 0.6.0)
  jquery-rails (~> 2.2.1)
  mysql2 (~> 0.3.11)
  rdoc
  umlaut!
  umlaut-primo!
  vcr (~> 2.4.0)
  webmock (~> 1.9.0)
